GEM
  remote: https://rubygems.org/
  specs:
    addressable (2.3.5)
    rdf (1.0.10.2)
      addressable (>= 2.3)
    redis (3.0.6)

PLATFORMS
  ruby

DEPENDENCIES
  rdf
  redis
